GEM
  remote: https://rubygems.org/
  specs:
    actionmailer (4.0.13)
      actionpack (= 4.0.13)
      mail (~> 2.5, >= 2.5.4)
    actionpack (4.0.13)
      activesupport (= 4.0.13)
      builder (~> 3.1.0)
      erubis (~> 2.7.0)
      rack (~> 1.5.2)
      rack-test (~> 0.6.2)
    actionpack-xml_parser (1.0.2)
      actionpack (>= 4.0.0, < 5)
    activemodel (4.0.13)
      activesupport (= 4.0.13)
      builder (~> 3.1.0)
    activerecord (4.0.13)
      activemodel (= 4.0.13)
      activerecord-deprecated_finders (~> 1.0.2)
      activesupport (= 4.0.13)
      arel (~> 4.0.0)
    activerecord-deprecated_finders (1.0.4)
    activesupport (4.0.13)
      i18n (~> 0.6, >= 0.6.9)
      minitest (~> 4.2)
      multi_json (~> 1.3)
      thread_safe (~> 0.1)
      tzinfo (~> 0.3.37)
    arel (4.0.2)
    axlsx (2.0.1)
      htmlentities (~> 4.3.1)
      nokogiri (>= 1.4.1)
      rubyzip (~> 1.0.0)
    axlsx_rails (0.3.0)
      axlsx (>= 2.0.1)
      rails (>= 3.1)
    builder (3.1.4)
    chunky_png (1.3.7)
    coderay (1.1.1)
    coffee-rails (4.2.1)
      coffee-script (>= 2.2.0)
      railties (>= 4.0.0, < 5.2.x)
    coffee-script (2.4.1)
      coffee-script-source
      execjs
    coffee-script-source (1.8.0)
    color-tools (1.3.0)
    concurrent-ruby (1.0.2)
    daemons (1.2.4)
    dynamic_form (1.1.4)
    em-synchrony (1.0.5)
      eventmachine (>= 1.0.0.beta.1)
    erubis (2.7.0)
    eventmachine (1.2.0.1)
    execjs (2.7.0)
    faye-websocket (0.10.4)
      eventmachine (>= 0.12.0)
      websocket-driver (>= 0.5.1)
    flot-rails (0.0.7)
      jquery-rails
    gnuplot (2.6.2)
    hiredis (0.6.1)
    htmlentities (4.3.4)
    i18n (0.7.0)
    jquery-rails (3.1.4)
      railties (>= 3.0, < 5.0)
      thor (>= 0.14, < 2.0)
    jquery-ui-rails (5.0.5)
      railties (>= 3.2.16)
    mail (2.6.4)
      mime-types (>= 1.16, < 4)
    method_source (0.8.2)
    mime-types (3.1)
      mime-types-data (~> 3.2015)
    mime-types-data (3.2016.0521)
    mini_portile2 (2.1.0)
    minitest (4.7.5)
    multi_json (1.12.1)
    mysql2 (0.3.21)
    nokogiri (1.6.8.1)
      mini_portile2 (~> 2.1.0)
    passenger (5.0.30)
      rack
      rake (>= 0.8.1)
    pdf-core (0.4.0)
    prawn (1.3.0)
      pdf-core (~> 0.4.0)
      ttfunk (~> 1.4.0)
    protected_attributes (1.1.3)
      activemodel (>= 4.0.1, < 5.0)
    pry (0.10.4)
      coderay (~> 1.1.0)
      method_source (~> 0.8.1)
      slop (~> 3.4)
    pry-rails (0.3.4)
      pry (>= 0.9.10)
    quiet_assets (1.1.0)
      railties (>= 3.1, < 5.0)
    rack (1.5.5)
    rack-test (0.6.3)
      rack (>= 1.0)
    railroady (1.5.2)
    rails (4.0.13)
      actionmailer (= 4.0.13)
      actionpack (= 4.0.13)
      activerecord (= 4.0.13)
      activesupport (= 4.0.13)
      bundler (>= 1.3.0, < 2.0)
      railties (= 4.0.13)
      sprockets-rails (~> 2.0)
    railties (4.0.13)
      actionpack (= 4.0.13)
      activesupport (= 4.0.13)
      rake (>= 0.8.7)
      thor (>= 0.18.1, < 2.0)
    rake (11.3.0)
    redis (3.3.1)
    redis-objects (1.2.1)
      redis (>= 3.0.2)
    ruby-units (2.0.1)
    rubyzip (1.0.0)
    sass (3.4.22)
    sass-rails (5.0.6)
      railties (>= 4.0.0, < 6)
      sass (~> 3.1)
      sprockets (>= 2.8, < 4.0)
      sprockets-rails (>= 2.0, < 4.0)
      tilt (>= 1.1, < 3)
    slop (3.6.0)
    sprockets (3.7.0)
      concurrent-ruby (~> 1.0)
      rack (> 1, < 3)
    sprockets-rails (2.3.3)
      actionpack (>= 3.0)
      activesupport (>= 3.0)
      sprockets (>= 2.8, < 4.0)
    thin (1.7.0)
      daemons (~> 1.0, >= 1.0.9)
      eventmachine (~> 1.0, >= 1.0.4)
      rack (>= 1, < 3)
    thin_service (0.0.7)
    thinreports (0.9.1)
      chunky_png (~> 1.3)
      prawn (= 1.3.0)
    thinreports-rails (0.3.0)
      thinreports (>= 0.9.1)
    thor (0.19.1)
    thread_safe (0.3.5)
    tilt (2.0.5)
    ttfunk (1.4.0)
    tzinfo (0.3.51)
    uglifier (3.0.2)
      execjs (>= 0.3.0, < 3)
    websocket-driver (0.6.4)
      websocket-extensions (>= 0.1.0)
    websocket-extensions (0.1.2)
    websocket-rails (0.7.0)
      em-synchrony
      faye-websocket
      hiredis
      rack
      rails
      redis
      redis-objects
      thin
    will_paginate (3.1.5)

PLATFORMS
  ruby

DEPENDENCIES
  actionpack-xml_parser
  axlsx_rails (~> 0.3.0)
  coffee-rails
  coffee-script-source (= 1.8.0)
  color-tools (>= 1.3.0)
  dynamic_form
  flot-rails
  gnuplot
  jquery-rails
  jquery-ui-rails
  mysql2 (~> 0.3.11)
  passenger
  protected_attributes
  pry-rails
  quiet_assets
  railroady
  rails (= 4.0.13)
  ruby-units
  sass-rails
  thin
  thin_service
  thinreports
  thinreports-rails
  uglifier
  websocket-rails
  will_paginate (~> 3.0)

BUNDLED WITH
   1.13.1
